GEM
  remote: https://rubygems.org/
  specs:
    PriorityQueue (0.1.2)
    actionmailer (4.1.11)
      actionpack (= 4.1.11)
      actionview (= 4.1.11)
      mail (~> 2.5, >= 2.5.4)
    actionpack (4.1.11)
      actionview (= 4.1.11)
      activesupport (= 4.1.11)
      rack (~> 1.5.2)
      rack-test (~> 0.6.2)
    actionview (4.1.11)
      activesupport (= 4.1.11)
      builder (~> 3.1)
      erubis (~> 2.7.0)
    activemodel (4.1.11)
      activesupport (= 4.1.11)
      builder (~> 3.1)
    activerecord (4.1.11)
      activemodel (= 4.1.11)
      activesupport (= 4.1.11)
      arel (~> 5.0.0)
    activesupport (4.1.11)
      i18n (~> 0.6, >= 0.6.9)
      json (~> 1.7, >= 1.7.7)
      minitest (~> 5.1)
      thread_safe (~> 0.1)
      tzinfo (~> 1.1)
    addressable (2.3.6)
    airbrake (3.1.15)
      builder
      multi_json
    arel (5.0.1.20140414130214)
    bson (2.3.0)
    builder (3.2.2)
    ci_reporter (2.0.0)
      builder (>= 2.1.2)
    ci_reporter_rspec (1.0.0)
      ci_reporter (~> 2.0)
      rspec (>= 2.14, < 4)
    connection_pool (2.1.0)
    crack (0.4.2)
      safe_yaml (~> 1.0.0)
    database_cleaner (1.2.0)
    diff-lcs (1.2.5)
    domain_name (0.5.24)
      unf (>= 0.0.5, < 1.0.0)
    erubis (2.7.0)
    factory_girl (4.2.0)
      activesupport (>= 3.0.0)
    factory_girl_rails (4.2.1)
      factory_girl (~> 4.2.0)
      railties (>= 3.0.0)
    gds-api-adapters (23.2.0)
      link_header
      lrucache (~> 0.1.1)
      null_logger
      plek
      rack-cache
      rest-client (~> 1.8.0)
    http-cookie (1.0.2)
      domain_name (~> 0.5)
    i18n (0.7.0)
    json (1.8.3)
    kgio (2.8.0)
    link_header (0.0.8)
    logstash-event (1.1.5)
    logstasher (0.4.8)
      logstash-event (~> 1.1.0)
    lrucache (0.1.4)
      PriorityQueue (~> 0.1.2)
    mail (2.6.3)
      mime-types (>= 1.16, < 3)
    mime-types (2.6.1)
    minitest (5.7.0)
    mongoid (4.0.0)
      activemodel (~> 4.0)
      moped (~> 2.0.0)
      origin (~> 2.1)
      tzinfo (>= 0.3.37)
    mongoid_rails_migrations (1.0.1)
      activesupport (>= 3.2.0)
      bundler (>= 1.0.0)
      rails (>= 3.2.0)
      railties (>= 3.2.0)
    moped (2.0.3)
      bson (~> 2.2)
      connection_pool (~> 2.0)
      optionable (~> 0.2.0)
    multi_json (1.11.1)
    netrc (0.10.3)
    null_logger (0.0.1)
    optionable (0.2.0)
    origin (2.1.1)
    plek (1.11.0)
    rack (1.5.4)
    rack-cache (1.2)
      rack (>= 0.4)
    rack-test (0.6.3)
      rack (>= 1.0)
    rails (4.1.11)
      actionmailer (= 4.1.11)
      actionpack (= 4.1.11)
      actionview (= 4.1.11)
      activemodel (= 4.1.11)
      activerecord (= 4.1.11)
      activesupport (= 4.1.11)
      bundler (>= 1.3.0, < 2.0)
      railties (= 4.1.11)
      sprockets-rails (~> 2.0)
    railties (4.1.11)
      actionpack (= 4.1.11)
      activesupport (= 4.1.11)
      rake (>= 0.8.7)
      thor (>= 0.18.1, < 2.0)
    raindrops (0.11.0)
    rake (10.4.2)
    rest-client (1.8.0)
      http-cookie (>= 1.0.2, < 2.0)
      mime-types (>= 1.16, < 3.0)
      netrc (~> 0.7)
    rspec (3.1.0)
      rspec-core (~> 3.1.0)
      rspec-expectations (~> 3.1.0)
      rspec-mocks (~> 3.1.0)
    rspec-core (3.1.7)
      rspec-support (~> 3.1.0)
    rspec-expectations (3.1.2)
      diff-lcs (>= 1.2.0, < 2.0)
      rspec-support (~> 3.1.0)
    rspec-mocks (3.1.3)
      rspec-support (~> 3.1.0)
    rspec-rails (3.1.0)
      actionpack (>= 3.0)
      activesupport (>= 3.0)
      railties (>= 3.0)
      rspec-core (~> 3.1.0)
      rspec-expectations (~> 3.1.0)
      rspec-mocks (~> 3.1.0)
      rspec-support (~> 3.1.0)
    rspec-support (3.1.2)
    safe_yaml (1.0.4)
    simplecov (0.7.1)
      multi_json (~> 1.0)
      simplecov-html (~> 0.7.1)
    simplecov-html (0.7.1)
    simplecov-rcov (0.2.3)
      simplecov (>= 0.4.1)
    sprockets (3.2.0)
      rack (~> 1.0)
    sprockets-rails (2.3.1)
      actionpack (>= 3.0)
      activesupport (>= 3.0)
      sprockets (>= 2.8, < 4.0)
    thor (0.19.1)
    thread_safe (0.3.5)
    tzinfo (1.2.2)
      thread_safe (~> 0.1)
    unf (0.1.4)
      unf_ext
    unf_ext (0.0.7.1)
    unicorn (4.6.3)
      kgio (~> 2.6)
      rack
      raindrops (~> 0.7)
    webmock (1.20.4)
      addressable (>= 2.3.6)
      crack (>= 0.3.2)

PLATFORMS
  ruby

DEPENDENCIES
  airbrake (= 3.1.15)
  ci_reporter_rspec (= 1.0.0)
  database_cleaner (= 1.2.0)
  factory_girl_rails (= 4.2.1)
  gds-api-adapters (= 23.2.0)
  logstasher (= 0.4.8)
  mongoid (= 4.0.0)
  mongoid_rails_migrations (~> 1.0.1)
  rails (= 4.1.11)
  rspec-rails (~> 3.1.0)
  simplecov-rcov (= 0.2.3)
  unicorn (= 4.6.3)
  webmock (~> 1.20.4)
